GEM
  remote: http://rubygems.org/
  specs:
    mime-types (1.16)
    rake (0.8.7)
    rest-client (1.6.3)
      mime-types (>= 1.16)
    rspec (1.3.0)

PLATFORMS
  ruby

DEPENDENCIES
  rake (= 0.8.7)
  rest-client (= 1.6.3)
  rspec (= 1.3.0)
