GEM
  remote: http://rubygems.org/
  specs:
    mime-types (1.16)
    rest-client (1.6.1)
      mime-types (>= 1.16)
    rspec (1.3.0)

PLATFORMS
  ruby

DEPENDENCIES
  rest-client (= 1.6.1)
  rspec (= 1.3.0)
