GEM
  remote: http://rubygems.org/
  specs:
    archive-tar-minitar (0.5.2)
    columnize (0.3.4)
    flexmock (0.8.7)
    linecache19 (0.5.12)
      ruby_core_source (>= 0.1.4)
    mime-types (1.16)
    rake (0.8.7)
    rest-client (1.6.3)
      mime-types (>= 1.16)
    rspec (1.3.0)
    ruby-debug-base19 (0.11.25)
      columnize (>= 0.3.1)
      linecache19 (>= 0.5.11)
      ruby_core_source (>= 0.1.4)
    ruby-debug19 (0.11.6)
      columnize (>= 0.3.1)
      linecache19 (>= 0.5.11)
      ruby-debug-base19 (>= 0.11.19)
    ruby_core_source (0.1.5)
      archive-tar-minitar (>= 0.5.2)
    simplecov (0.4.2)
      simplecov-html (~> 0.4.4)
    simplecov-html (0.4.5)

PLATFORMS
  ruby

DEPENDENCIES
  flexmock (= 0.8.7)
  rake (= 0.8.7)
  rest-client (= 1.6.3)
  rspec (= 1.3.0)
  ruby-debug19 (= 0.11.6)
  simplecov (>= 0.4.0)
